{
  "InstitutionAddress": "Pavillon Baudot CHU Purpan, BP 25202, 31052 Toulouse Cedex",
  "InstitutionName": "Paul Sabatier Universite",
  "InstitutionalDepartmentName": "Centre de Recherche Cerveau et Cognition",
  "PowerLineFrequency": 50,
  "ManufacturersModelName": "Biosemi Active 2",
  "TaskName": "P300",
  "EEGReference": "CMS/DRL",
  "Manufacturer": "BIOSEMI",
  "EEGChannelCount": 64,
  "MiscChannelCount": 11,
  "RecordingType": "continuous",
  "RecordingDuration": 756,
  "SamplingFrequency": 256,
  "SubjectArtefactDescription": "We did a 4th trial because trial 3 recording was not good. This is the 4th, trial 3 is not included",
  "EOGChannelCount": 0,
  "ECGChannelCount": 0,
  "EMGChannelCount": 0,
  "SoftwareFilters": "n/a"
}