{
  "InstitutionAddress": "Pavillon Baudot CHU Purpan, BP 25202, 31052 Toulouse Cedex",
  "InstitutionName": "Paul Sabatier Universite",
  "InstitutionalDepartmentName": "Centre de Recherche Cerveau et Cognition",
  "PowerLineFrequency": 50,
  "ManufacturersModelName": "Biosemi Active 2",
  "TaskName": "P300",
  "EEGReference": "CMS/DRL",
  "Manufacturer": "BIOSEMI",
  "EEGChannelCount": 64,
  "MiscChannelCount": 15,
  "RecordingType": "continuous",
  "RecordingDuration": 759,
  "SamplingFrequency": 256,
  "SubjectArtefactDescription": "Very messy recording, the cap was a bit loose on the back of his head, but fitted elsewhere. The electrodes were unstable and fluctuates randomly. He said that he s not moving, but we don t know.",
  "EOGChannelCount": 0,
  "ECGChannelCount": 0,
  "EMGChannelCount": 0,
  "SoftwareFilters": "n/a"
}